PATH
  remote: ~/src/mysql_binlog
  specs:
    mysql_binlog (0.3.2)

GEM
  remote: https://rubygems.org/
  specs:
    columnize (0.3.6)
    diff-lcs (1.2.5)
    linecache (0.46)
      rbx-require-relative (> 0.0.4)
    mysql_isolated_server (0.3.0)
    rack (1.5.2)
    rack-protection (1.5.3)
      rack
    rbx-require-relative (0.0.9)
    rspec (2.14.1)
      rspec-core (~> 2.14.0)
      rspec-expectations (~> 2.14.0)
      rspec-mocks (~> 2.14.0)
    rspec-core (2.14.8)
    rspec-expectations (2.14.4)
      diff-lcs (>= 1.1.3, < 2.0)
    rspec-mocks (2.14.4)
    ruby-debug (0.10.4)
      columnize (>= 0.1)
      ruby-debug-base (~> 0.10.4.0)
    ruby-debug-base (0.10.4)
      linecache (>= 0.3)
    ruby-debug-base (0.10.4-java)
    sinatra (1.4.5)
      rack (~> 1.4)
      rack-protection (~> 1.4)
      tilt (~> 1.3, >= 1.3.4)
    tilt (1.4.1)

PLATFORMS
  java
  ruby

DEPENDENCIES
  mysql_binlog!
  mysql_isolated_server (~> 0.3)
  rspec
  ruby-debug
  sinatra
