GEM
  remote: https://rubygems.org/
  specs:
    columnize (0.8.9)
    diff-lcs (1.2.5)
    linecache (0.46)
      rbx-require-relative (> 0.0.4)
    mysql_isolated_server (0.3.3)
    puma (2.8.2)
      rack (>= 1.1, < 2.0)
    puma (2.8.2-java)
      rack (>= 1.1, < 2.0)
    rack (1.5.2)
    rack-protection (1.5.3)
      rack
    rack-test (0.6.2)
      rack (>= 1.0)
    rake (10.3.2)
    rbx-require-relative (0.0.9)
    rspec (3.0.0)
      rspec-core (~> 3.0.0)
      rspec-expectations (~> 3.0.0)
      rspec-mocks (~> 3.0.0)
    rspec-core (3.0.1)
      rspec-support (~> 3.0.0)
    rspec-expectations (3.0.1)
      diff-lcs (>= 1.2.0, < 2.0)
      rspec-support (~> 3.0.0)
    rspec-mocks (3.0.1)
      rspec-support (~> 3.0.0)
    rspec-support (3.0.0)
    ruby-debug (0.10.4)
      columnize (>= 0.1)
      ruby-debug-base (~> 0.10.4.0)
    ruby-debug-base (0.10.4)
      linecache (>= 0.3)
    ruby-debug-base (0.10.4-java)
    sinatra (1.4.5)
      rack (~> 1.4)
      rack-protection (~> 1.4)
      tilt (~> 1.3, >= 1.3.4)
    tilt (1.4.1)

PLATFORMS
  java
  ruby

DEPENDENCIES
  mysql_isolated_server (~> 0.3)
  puma
  rack-test
  rake
  rspec
  ruby-debug
  sinatra
